GEM
  remote: https://rubygems.org/
  specs:
    coderay (1.1.3)
    dotenv (3.1.7)
    method_source (1.1.0)
    pry (0.15.2)
      coderay (~> 1.1)
      method_source (~> 1.0)

PLATFORMS
  arm64-darwin-23
  ruby

DEPENDENCIES
  dotenv
  pry

BUNDLED WITH
   2.6.3
